GEM
  remote: https://rubygems.org/
  specs:
    highline (1.6.20)
    rugged (0.19.0)

PLATFORMS
  ruby

DEPENDENCIES
  highline (= 1.6.20)
  rugged (= 0.19.0)

BUNDLED WITH
   1.10.6
